GIT
  remote: https://github.com/soloman1124/keen-gem.git
  revision: 626c21d2b6d3eff554edcb649257de47bcc6c40b
  branch: enable-post-query
  specs:
    keen (0.8.9)
      addressable (~> 2.3.5)
      multi_json (~> 1.3)

GEM
  remote: https://rubygems.org/
  specs:
    activesupport (4.2.1)
      i18n (~> 0.7)
      json (~> 1.7, >= 1.7.7)
      minitest (~> 5.1)
      thread_safe (~> 0.3, >= 0.3.4)
      tzinfo (~> 1.1)
    addressable (2.3.8)
    faker (1.4.3)
      i18n (~> 0.5)
    i18n (0.7.0)
    json (1.8.2)
    minitest (5.6.1)
    multi_json (1.11.0)
    thread_safe (0.3.5)
    tzinfo (1.2.2)
      thread_safe (~> 0.1)

PLATFORMS
  ruby

DEPENDENCIES
  activesupport (~> 4.2.1)
  faker (~> 1.4.3)
  keen!
